PATH
  remote: /Users/roman/dev/google-map-stitch
  specs:
    google-map-stitch (0.1.3)
      rmagick

GEM
  remote: https://rubygems.org/
  specs:
    awesome_print (1.1.0)
    columnize (0.3.6)
    debugger (1.6.0)
      columnize (>= 0.3.1)
      debugger-linecache (~> 1.2.0)
      debugger-ruby_core_source (~> 1.2.1)
    debugger-linecache (1.2.0)
    debugger-ruby_core_source (1.2.2)
    diff-lcs (1.2.4)
    pickled_optparse (0.1.1)
    rmagick (2.13.2)
    rspec (2.13.0)
      rspec-core (~> 2.13.0)
      rspec-expectations (~> 2.13.0)
      rspec-mocks (~> 2.13.0)
    rspec-core (2.13.1)
    rspec-expectations (2.13.0)
      diff-lcs (>= 1.1.3, < 2.0)
    rspec-mocks (2.13.1)

PLATFORMS
  ruby

DEPENDENCIES
  awesome_print
  debugger
  google-map-stitch!
  pickled_optparse
  rmagick
  rspec
